NUGET
  remote: https://nuget.org/api/v2
  specs:
    FAKE (3.35.2)
HTTP
  remote: https://github.com
  specs:
    fsautocomplete.zip (/fsharp/FSharp.AutoComplete/releases/download/0.18.2/fsautocomplete.zip)