NUGET
  remote: https://nuget.org/api/v2
  specs:
    FAKE (3.31.4)
HTTP
  remote: https://github.com
  specs:
    packages/fsac (/fsharp/FSharp.AutoComplete/releases/download/0.14.0/fsautocomplete.zip)